GEM
  remote: https://rubygems.org/
  specs:
    kramdown (1.4.0)

PLATFORMS
  ruby

DEPENDENCIES
  kramdown
